GEM
  remote: http://rubygems.org/
  specs:
    git (1.2.5)
    jeweler (1.6.2)
      bundler (~> 1.0)
      git (>= 1.2.5)
      rake
    rack (1.4.1)
    rake (0.9.2)
    rdoc (3.6.1)

PLATFORMS
  java
  ruby

DEPENDENCIES
  bundler
  jeweler (~> 1.6.2)
  rack
  rdoc
